GEM
  remote: http://rubygems.org/
  specs:
    cinch (2.0.3)
    cleverbot (0.1.1)
      httparty (~> 0.8.0)
    coderay (1.1.0)
    httparty (0.8.3)
      multi_json (~> 1.0)
      multi_xml
    method_source (0.8.2)
    multi_json (1.3.6)
    multi_xml (0.5.1)
    pry (0.9.12.6)
      coderay (~> 1.0)
      method_source (~> 0.8)
      slop (~> 3.4)
    slop (3.5.0)

PLATFORMS
  ruby

DEPENDENCIES
  cinch
  cleverbot
  pry
